GEM
  remote: https://rubygems.org/
  specs:
    dbt (1.1.5)
    motion-kit (0.10.5)
      dbt (~> 1.1.5)
    rake (10.3.2)

PLATFORMS
  ruby

DEPENDENCIES
  motion-kit
  rake
